PATH
  remote: .
  specs:
    bucaneer (0.1.1)
      ruby-serialport

GEM
  remote: http://rubygems.org/
  specs:
    hirb (0.3.3)
    rake (0.8.7)
    rcov (0.9.8)
    rr (1.0.0)
    rspec (1.3.0)
    ruby-serialport (0.7.0)
    wirble (0.1.3)

PLATFORMS
  ruby

DEPENDENCIES
  bucaneer!
  bundler (~> 1.0.0)
  hirb (~> 0.3.2)
  rake (~> 0.8.7)
  rcov (~> 0.9.8)
  rr (~> 1.0.0)
  rspec (~> 1.3.0)
  ruby-serialport
  wirble (~> 0.1.3)
